PATH
  remote: .
  specs:
    heartcheck-redis (1.0.4)
      heartcheck (~> 1.0)
      net-telnet (~> 0.1.1)
      redis (>= 3.2.0, < 5)

GEM
  remote: https://rubygems.org/
  specs:
    ast (2.3.0)
    coderay (1.1.2)
    diff-lcs (1.3)
    ffi (1.9.18)
    heartcheck (1.4.0)
      multi_json (~> 1.0)
      net-telnet (~> 0.1.1)
      rack (>= 1.4.0, < 2.1)
      sys-uname (~> 1.0, >= 1.0.3)
    method_source (0.8.2)
    multi_json (1.12.2)
    net-telnet (0.1.1)
    parallel (1.12.0)
    parser (2.4.0.2)
      ast (~> 2.3)
    powerpack (0.1.1)
    pry (0.10.4)
      coderay (~> 1.1.0)
      method_source (~> 0.8.1)
      slop (~> 3.4)
    pry-nav (0.2.4)
      pry (>= 0.9.10, < 0.11.0)
    rack (2.0.3)
    rainbow (3.0.0)
    redcarpet (3.4.0)
    redis (4.0.1)
    rspec (3.7.0)
      rspec-core (~> 3.7.0)
      rspec-expectations (~> 3.7.0)
      rspec-mocks (~> 3.7.0)
    rspec-core (3.7.0)
      rspec-support (~> 3.7.0)
    rspec-expectations (3.7.0)
      diff-lcs (>= 1.2.0, < 2.0)
      rspec-support (~> 3.7.0)
    rspec-mocks (3.7.0)
      diff-lcs (>= 1.2.0, < 2.0)
      rspec-support (~> 3.7.0)
    rspec-support (3.7.0)
    rubocop (0.52.0)
      parallel (~> 1.10)
      parser (>= 2.4.0.2, < 3.0)
      powerpack (~> 0.1)
      rainbow (>= 2.2.2, < 4.0)
      ruby-progressbar (~> 1.7)
      unicode-display_width (~> 1.0, >= 1.0.1)
    ruby-progressbar (1.9.0)
    slop (3.6.0)
    sys-uname (1.0.3)
      ffi (>= 1.0.0)
    unicode-display_width (1.3.0)
    yard (0.9.12)

PLATFORMS
  ruby

DEPENDENCIES
  heartcheck-redis!
  pry-nav (~> 0.2, >= 0.2.4)
  redcarpet (~> 3.2, >= 3.2.2)
  rspec (~> 3.1)
  rubocop (~> 0.48, >= 0.27.1)
  yard (~> 0.9.11)

BUNDLED WITH
   1.16.0
